GEM
  remote: https://rubygems.org/
  specs:
    daemons (1.4.1)
    eventmachine (1.2.7)
    mustermann (3.0.0)
      ruby2_keywords (~> 0.0.1)
    nio4r (2.5.8)
    puma (6.0.0)
      nio4r (~> 2.0)
    rack (2.2.6.3)
    rack-protection (3.0.3)
      rack
    ruby2_keywords (0.0.5)
    sinatra (3.0.3)
      mustermann (~> 3.0)
      rack (~> 2.2, >= 2.2.4)
      rack-protection (= 3.0.3)
      tilt (~> 2.0)
    thin (1.8.1)
      daemons (~> 1.0, >= 1.0.9)
      eventmachine (~> 1.0, >= 1.0.4)
      rack (>= 1, < 3)
    tilt (2.0.11)

PLATFORMS
  x86_64-darwin-21
  x86_64-linux

DEPENDENCIES
  puma
  sinatra
  thin

RUBY VERSION
   ruby 3.1.2p20

BUNDLED WITH
   2.3.26
